PATH
  remote: .
  specs:
    version_sorter (2.3.0)

GEM
  remote: https://rubygems.org/
  specs:
    power_assert (2.0.3)
    rake (13.0.6)
    rake-compiler (1.1.1)
      rake
    test-unit (3.6.2)
      power_assert

PLATFORMS
  ruby

DEPENDENCIES
  rake
  rake-compiler
  test-unit (~> 3.6.2)
  version_sorter!

BUNDLED WITH
   2.2.29
