PATH
  remote: .
  specs:
    version_sorter (2.2.4)

GEM
  remote: https://rubygems.org/
  specs:
    rake (10.4.2)
    rake-compiler (0.9.5)
      rake
    test-unit (2.0.9)

PLATFORMS
  ruby

DEPENDENCIES
  rake
  rake-compiler
  test-unit (~> 2.0.4)
  version_sorter!

BUNDLED WITH
   2.2.29
