PATH
  remote: .
  specs:
    version_sorter (2.2.4)

GEM
  remote: https://rubygems.org/
  specs:
    power_assert (2.0.1)
    rake (13.0.6)
    rake-compiler (1.1.1)
      rake
    test-unit (3.3.9)
      power_assert

PLATFORMS
  ruby

DEPENDENCIES
  rake
  rake-compiler
  test-unit (~> 3.3.9)
  version_sorter!

BUNDLED WITH
   2.2.29
